GEM
  remote: https://rubygems.org/
  specs:
    pg (0.18.1)
    sqlite3 (1.3.10)

PLATFORMS
  ruby

DEPENDENCIES
  pg
  sqlite3
